PATH
  remote: .
  specs:
    york-bin-collection (1.0.0)
      nokogiri (~> 1.10)

GEM
  remote: https://rubygems.org/
  specs:
    mini_portile2 (2.4.0)
    nokogiri (1.10.4)
      mini_portile2 (~> 2.4.0)
    rake (12.3.3)

PLATFORMS
  ruby

DEPENDENCIES
  bundler (~> 2.0)
  rake (~> 12.3)
  york-bin-collection!

BUNDLED WITH
   2.0.2
